GEM
  remote: https://rubygems.org/
  specs:
    digest-crc (0.6.1)
      rake (~> 13.0)
    rake (13.0.1)
    ruby-kafka (1.2.0)
      digest-crc

PLATFORMS
  x64-mingw32

DEPENDENCIES
  ruby-kafka (~> 1.2)

BUNDLED WITH
   2.1.4
